GIT
  remote: git://github.com/johnta0/bech32rb
  revision: 8573276f373055d87c3a009145b674245e999690
  branch: master
  specs:
    bech32 (1.0.3)

PATH
  remote: .
  specs:
    bolt11 (0.1.0)

GEM
  remote: https://rubygems.org/
  specs:
    bitcoin-ruby (0.0.15)
    diff-lcs (1.3)
    rake (10.5.0)
    rspec (3.7.0)
      rspec-core (~> 3.7.0)
      rspec-expectations (~> 3.7.0)
      rspec-mocks (~> 3.7.0)
    rspec-core (3.7.1)
      rspec-support (~> 3.7.0)
    rspec-expectations (3.7.0)
      diff-lcs (>= 1.2.0, < 2.0)
      rspec-support (~> 3.7.0)
    rspec-mocks (3.7.0)
      diff-lcs (>= 1.2.0, < 2.0)
      rspec-support (~> 3.7.0)
    rspec-support (3.7.1)

PLATFORMS
  ruby

DEPENDENCIES
  bech32!
  bitcoin-ruby
  bolt11!
  bundler (~> 1.16)
  rake (~> 10.0)
  rspec (~> 3.0)

BUNDLED WITH
   1.16.1
